GEM
  remote: https://rubygems.org/
  specs:
    kanwei-algorithms (0.2.0)

PLATFORMS
  ruby

DEPENDENCIES
  kanwei-algorithms

BUNDLED WITH
   1.12.0
